GIT
  remote: git://github.com/mtodd/geoip.git
  revision: e24fb7dbfc18918d46f8edc9f709b89134d1fd5f
  specs:
    geoip-c (0.7.1)

GEM
  remote: http://rubygems.org/
  specs:
    rack (1.3.5)
    rack-protection (1.1.4)
      rack
    rake (0.8.7)
    sinatra (1.3.1)
      rack (~> 1.3, >= 1.3.4)
      rack-protection (~> 1.1, >= 1.1.2)
      tilt (~> 1.3, >= 1.3.3)
    snmp (1.1.0)
    sqlite3 (1.3.4)
    sqlite3-ruby (1.3.3)
      sqlite3 (>= 1.3.3)
    tilt (1.3.3)

PLATFORMS
  ruby

DEPENDENCIES
  geoip-c!
  rake
  sinatra
  snmp
  sqlite3-ruby
